GIT
  remote: https://github.com/mitchellh/vagrant.git
  revision: 4f563e3be6d927b814ad7f3a9d3069259b841eac
  specs:
    vagrant (1.2.3.dev)
      childprocess (~> 0.3.7)
      erubis (~> 2.7.0)
      i18n (~> 0.6.0)
      json (>= 1.5.1, < 1.8.0)
      log4r (~> 1.1.9)
      net-scp (~> 1.1.0)
      net-ssh (~> 2.6.6)

PATH
  remote: .
  specs:
    vagrant-hosts (0.5.0)

GEM
  remote: https://rubygems.org/
  specs:
    childprocess (0.3.9)
      ffi (~> 1.0, >= 1.0.11)
    erubis (2.7.0)
    ffi (1.8.1)
    i18n (0.6.4)
    json (1.7.7)
    log4r (1.1.10)
    net-scp (1.1.0)
      net-ssh (>= 2.6.5)
    net-ssh (2.6.7)
    rake (10.0.4)

PLATFORMS
  ruby

DEPENDENCIES
  bundler
  rake
  vagrant!
  vagrant-hosts!
